PATH
  remote: .
  specs:
    acnh_critterpedia (0.1.0)
      colorize
      httparty
      require_all

GEM
  remote: https://rubygems.org/
  specs:
    coderay (1.1.3)
    colorize (0.8.1)
    httparty (0.18.1)
      mime-types (~> 3.0)
      multi_xml (>= 0.5.2)
    method_source (1.0.0)
    mime-types (3.3.1)
      mime-types-data (~> 3.2015)
    mime-types-data (3.2020.1104)
    multi_xml (0.6.0)
    pry (0.13.1)
      coderay (~> 1.1)
      method_source (~> 1.0)
    rake (13.0.3)
    require_all (3.0.0)

PLATFORMS
  x86_64-linux

DEPENDENCIES
  acnh_critterpedia!
  bundler
  pry
  rake (~> 13.0)

BUNDLED WITH
   2.2.2
