PATH
  remote: .
  specs:
    acnh_critterpedia (1.0.0)
      colorize
      require_all
      terminal-table

GEM
  remote: https://rubygems.org/
  specs:
    colorize (0.8.1)
    httparty (0.18.1)
      mime-types (~> 3.0)
      multi_xml (>= 0.5.2)
    mime-types (3.3.1)
      mime-types-data (~> 3.2015)
    mime-types-data (3.2020.1104)
    multi_xml (0.6.0)
    rake (13.0.3)
    require_all (3.0.0)
    terminal-table (3.0.0)
      unicode-display_width (~> 1.1, >= 1.1.1)
    unicode-display_width (1.7.0)

PLATFORMS
  x86_64-linux

DEPENDENCIES
  acnh_critterpedia!
  bundler
  httparty
  rake (~> 13.0)

BUNDLED WITH
   2.2.2
