PATH
  remote: .
  specs:
    acnh_critterpedia (0.1.0)
      cli-format
      colorize
      httparty
      require_all

GEM
  remote: https://rubygems.org/
  specs:
    activesupport (6.1.1)
      concurrent-ruby (~> 1.0, >= 1.0.2)
      i18n (>= 1.6, < 2)
      minitest (>= 5.1)
      tzinfo (~> 2.0)
      zeitwerk (~> 2.3)
    cli-format (0.2.0)
      activesupport
      text-table
      zeitwerk
    coderay (1.1.3)
    colorize (0.8.1)
    concurrent-ruby (1.1.8)
    httparty (0.18.1)
      mime-types (~> 3.0)
      multi_xml (>= 0.5.2)
    i18n (1.8.7)
      concurrent-ruby (~> 1.0)
    method_source (1.0.0)
    mime-types (3.3.1)
      mime-types-data (~> 3.2015)
    mime-types-data (3.2020.1104)
    minitest (5.14.3)
    multi_xml (0.6.0)
    pry (0.13.1)
      coderay (~> 1.1)
      method_source (~> 1.0)
    rake (13.0.3)
    require_all (3.0.0)
    text-table (1.2.4)
    tzinfo (2.0.4)
      concurrent-ruby (~> 1.0)
    zeitwerk (2.4.2)

PLATFORMS
  x86_64-linux

DEPENDENCIES
  acnh_critterpedia!
  bundler
  pry
  rake (~> 13.0)

BUNDLED WITH
   2.2.2
